PATH
  remote: .
  specs:
    net-netconf (0.5.0.pre.dev.20170526.3)
      colorize
      net-scp (>= 1.2)
      net-ssh (>= 2.9, < 4.1)
      nokogiri (>= 1.6)

GEM
  remote: https://rubygems.org/
  specs:
    byebug (9.0.6)
    coderay (1.1.1)
    colorize (0.8.1)
    method_source (0.8.2)
    mini_portile2 (2.1.0)
    net-scp (1.2.1)
      net-ssh (>= 2.6.5)
    net-ssh (4.0.1)
    nokogiri (1.7.2)
      mini_portile2 (~> 2.1.0)
    pry (0.10.4)
      coderay (~> 1.1.0)
      method_source (~> 0.8.1)
      slop (~> 3.4)
    pry-byebug (3.4.2)
      byebug (~> 9.0)
      pry (~> 0.10)
    slop (3.6.0)

PLATFORMS
  ruby

DEPENDENCIES
  net-netconf!
  pry-byebug

BUNDLED WITH
   1.14.5
