PATH
  remote: .
  specs:
    netconf (0.3.1)
      net-scp (>= 1.2.1)
      net-ssh (>= 2.9.2)
      nokogiri (>= 1.6.6)

GEM
  remote: https://rubygems.org/
  specs:
    mini_portile (0.6.2)
    net-scp (1.2.1)
      net-ssh (>= 2.6.5)
    net-ssh (2.9.2)
    nokogiri (1.6.6.2)
      mini_portile (~> 0.6.0)

PLATFORMS
  ruby

DEPENDENCIES
  netconf!
